GEM
  remote: https://rubygems.org/
  specs:
    rack (1.5.5)
    rack-rewrite (1.5.1)

PLATFORMS
  x86_64-linux

DEPENDENCIES
  rack (~> 1.5.1)
  rack-rewrite (~> 1.5.0)

BUNDLED WITH
   2.2.10
